GEM
  remote: https://rubygems.org/
  remote: http://devfu-geminabox.flowbyte.net/
  specs:
    flowbyte-private (1.0.0)
    rake (13.0.6)

PLATFORMS
  ruby

DEPENDENCIES
  flowbyte-private
  rake

BUNDLED WITH
   1.17.0
